PATH
  remote: .
  specs:
    localeapp-handlebars_i18n (0.0.1)
      localeapp

GEM
  remote: http://rubygems.org/
  specs:
    diff-lcs (1.1.3)
    gli (2.5.0)
    i18n (0.6.1)
    json (1.7.5)
    localeapp (0.6.8)
      gli
      i18n
      json
      rest-client
      ya2yaml
    mime-types (1.19)
    multi_json (1.4.0)
    rack (1.4.1)
    rake (0.9.2.2)
    rest-client (1.6.7)
      mime-types (>= 1.16)
    rspec (2.12.0)
      rspec-core (~> 2.12.0)
      rspec-expectations (~> 2.12.0)
      rspec-mocks (~> 2.12.0)
    rspec-core (2.12.1)
    rspec-expectations (2.12.0)
      diff-lcs (~> 1.1.3)
    rspec-mocks (2.12.0)
    simplecov (0.7.1)
      multi_json (~> 1.0)
      simplecov-html (~> 0.7.1)
    simplecov-html (0.7.1)
    ya2yaml (0.31)
    yard (0.8.3)

PLATFORMS
  ruby

DEPENDENCIES
  localeapp-handlebars_i18n!
  rack
  rake
  rspec
  simplecov
  yard
